GEM
  remote: https://rubygems.org/
  specs:
    mime (0.4.4)
    mime-types (3.3.1)
      mime-types-data (~> 3.2015)
    mime-types-data (3.2020.1104)
    mini_exiftool (2.10.0)
    mini_portile2 (2.4.0)
    nokogiri (1.10.10)
      mini_portile2 (~> 2.4.0)
    spider (0.5.4)
    zip (2.0.2)

PLATFORMS
  aarch64-linux-android

DEPENDENCIES
  mime
  mime-types
  mini_exiftool
  nokogiri
  spider
  zip

BUNDLED WITH
   2.2.1
